GIT
  remote: git://github.com/betaworks/slack-bot-manager.git
  revision: bd4364c91696ae566136cdbbf2d734c8c6d87218
  specs:
    slack-bot-manager (0.1.0pre1)
      faye-websocket (>= 0.10.0)
      redis (>= 3.2.2)
      slack-ruby-client (>= 0.5.1)

GEM
  remote: https://rubygems.org/
  specs:
    eventmachine (1.0.9.1)
    faraday (0.9.2)
      multipart-post (>= 1.2, < 3)
    faraday_middleware (0.10.0)
      faraday (>= 0.7.4, < 0.10)
    faye-websocket (0.10.2)
      eventmachine (>= 0.12.0)
      websocket-driver (>= 0.5.1)
    gli (2.13.4)
    hashie (3.4.3)
    json (1.8.3)
    multipart-post (2.0.0)
    redis (3.2.2)
    slack-ruby-client (0.6.0)
      faraday
      faraday_middleware
      gli
      hashie
      json
      websocket-driver
    websocket-driver (0.6.3)
      websocket-extensions (>= 0.1.0)
    websocket-extensions (0.1.2)

PLATFORMS
  ruby

DEPENDENCIES
  redis
  slack-bot-manager!

BUNDLED WITH
   1.10.6
