GIT
  remote: git://github.com/betaworks/slack-bot-manager.git
  revision: 96da882b0523d49f4e79da24884a2a1b0932dc41
  branch: master
  specs:
    slack-bot-manager (0.1.0)
      redis (>= 3.2.2)
      slack-ruby-client (>= 0.5.1)

GEM
  remote: https://rubygems.org/
  specs:
    activesupport (4.2.5)
      i18n (~> 0.7)
      json (~> 1.7, >= 1.7.7)
      minitest (~> 5.1)
      thread_safe (~> 0.3, >= 0.3.4)
      tzinfo (~> 1.1)
    bing-search (2.0.0)
    dotenv (2.0.2)
    eventmachine (1.0.8)
    faraday (0.9.2)
      multipart-post (>= 1.2, < 3)
    faraday_middleware (0.10.0)
      faraday (>= 0.7.4, < 0.10)
    faye-websocket (0.10.2)
      eventmachine (>= 0.12.0)
      websocket-driver (>= 0.5.1)
    gli (2.13.4)
    i18n (0.7.0)
    json (1.8.3)
    minitest (5.8.3)
    multipart-post (2.0.0)
    redis (3.2.2)
    slack-ruby-client (0.5.3)
      faraday
      faraday_middleware
      gli
      json
      websocket-driver
    thread_safe (0.3.5)
    tzinfo (1.2.2)
      thread_safe (~> 0.1)
    websocket-driver (0.6.3)
      websocket-extensions (>= 0.1.0)
    websocket-extensions (0.1.2)

PLATFORMS
  ruby

DEPENDENCIES
  activesupport (= 4.2.5)
  bing-search
  dotenv
  faye-websocket (= 0.10.2)
  json
  slack-bot-manager!

BUNDLED WITH
   1.10.6
